GIT
  remote: https://github.com/feathj/fake_sqs.git
  revision: 4535993cc33bbff728076bab61def009537c13c1
  specs:
    fake_sqs (0.3.1)
      builder
      sinatra

GEM
  remote: https://rubygems.org/
  specs:
    builder (3.2.2)
    daemons (1.2.3)
    eventmachine (1.2.0.1)
    rack (1.6.4)
    rack-protection (1.5.3)
      rack
    sinatra (1.4.7)
      rack (~> 1.5)
      rack-protection (~> 1.4)
      tilt (>= 1.3, < 3)
    thin (1.6.4)
      daemons (~> 1.0, >= 1.0.9)
      eventmachine (~> 1.0, >= 1.0.4)
      rack (~> 1.0)
    tilt (2.0.2)

PLATFORMS
  ruby

DEPENDENCIES
  fake_sqs!
  thin

BUNDLED WITH
   1.11.2
